PATH
  remote: .
  specs:
    bitarray (1.2.0)

GEM
  remote: https://rubygems.org/
  specs:
    minitest (5.10.1)
    rake (13.0.1)

PLATFORMS
  ruby

DEPENDENCIES
  bitarray!
  minitest
  rake

BUNDLED WITH
   1.16.3
