PATH
  remote: .
  specs:
    bitarray (2.0.0)

GEM
  remote: https://rubygems.org/
  specs:
    minitest (5.10.1)
    rake (12.0.0)

PLATFORMS
  ruby

DEPENDENCIES
  bitarray!
  minitest
  rake

BUNDLED WITH
   1.16.3
